PATH
  remote: .
  specs:
    contracts-gen (0.1.2)
      contracts (~> 0.16.0)
      faker (~> 1.9.6)
      gen-test (~> 0.1.0)

GEM
  remote: https://rubygems.org/
  specs:
    concurrent-ruby (1.1.6)
    contracts (0.16.0)
    diff-lcs (1.3)
    faker (1.9.6)
      i18n (>= 0.7)
    gen-test (0.1.2)
      faker (~> 1.9.6)
      regexp-examples (~> 1.5.0)
    i18n (1.8.2)
      concurrent-ruby (~> 1.0)
    rake (13.0.1)
    regexp-examples (1.5.1)
    rspec (3.8.0)
      rspec-core (~> 3.8.0)
      rspec-expectations (~> 3.8.0)
      rspec-mocks (~> 3.8.0)
    rspec-core (3.8.2)
      rspec-support (~> 3.8.0)
    rspec-expectations (3.8.4)
      diff-lcs (>= 1.2.0, < 2.0)
      rspec-support (~> 3.8.0)
    rspec-mocks (3.8.1)
      diff-lcs (>= 1.2.0, < 2.0)
      rspec-support (~> 3.8.0)
    rspec-support (3.8.2)

PLATFORMS
  ruby

DEPENDENCIES
  bundler (~> 2.0)
  contracts-gen!
  rake (~> 13.0)
  rspec (~> 3.0)

BUNDLED WITH
   2.1.4
