GIT
  remote: https://github.com/delonnewman/gen-test.git
  revision: 3279faed9301ac6f7accf137d58ff6dae124b834
  specs:
    gen-test (0.2.0)
      faker (~> 1.9.6)
      regexp-examples (~> 1.5.0)

PATH
  remote: .
  specs:
    contracts-gen (0.1.0)
      contracts (~> 0.16.0)
      faker (~> 1.9.6)
      gen-test (~> 0.2)

GEM
  remote: https://rubygems.org/
  specs:
    concurrent-ruby (1.1.8)
    contracts (0.16.0)
    diff-lcs (1.3)
    faker (1.9.6)
      i18n (>= 0.7)
    i18n (1.8.7)
      concurrent-ruby (~> 1.0)
    rake (10.5.0)
    regexp-examples (1.5.1)
    rspec (3.8.0)
      rspec-core (~> 3.8.0)
      rspec-expectations (~> 3.8.0)
      rspec-mocks (~> 3.8.0)
    rspec-core (3.8.2)
      rspec-support (~> 3.8.0)
    rspec-expectations (3.8.4)
      diff-lcs (>= 1.2.0, < 2.0)
      rspec-support (~> 3.8.0)
    rspec-mocks (3.8.1)
      diff-lcs (>= 1.2.0, < 2.0)
      rspec-support (~> 3.8.0)
    rspec-support (3.8.2)

PLATFORMS
  ruby

DEPENDENCIES
  bundler (~> 2.0)
  contracts-gen!
  gen-test!
  rake (~> 10.0)
  rspec (~> 3.0)

BUNDLED WITH
   2.2.3
